{
    "TaskName": "musiclistening",
    "Manufacturer": "Brain Products",
    "PowerLineFrequency": "n/a",
    "SamplingFrequency": 250.0,
    "SoftwareFilters": "n/a",
    "RecordingDuration": 1664.892,
    "RecordingType": "continuous",
    "EEGReference": "n/a",
    "EEGGround": "n/a",
    "EEGPlacementScheme": "n/a",
    "EEGChannelCount": 33,
    "EOGChannelCount": 0,
    "ECGChannelCount": 0,
    "EMGChannelCount": 0,
    "MiscChannelCount": 0,
    "TriggerChannelCount": 0
}
