Brain Vision Data Exchange Header File Version 1.0
; Written using pybv 0.8.1

[Common Infos]
Codepage=UTF-8
DataFile=sub-01_ses-04_task-leftright_eeg.eeg
MarkerFile=sub-01_ses-04_task-leftright_eeg.vmrk
DataFormat=BINARY
; Data orientation: MULTIPLEXED=ch1,pt1, ch2,pt1 ...
DataOrientation=MULTIPLEXED
NumberOfChannels=33
; Sampling interval in microseconds
SamplingInterval=4000.0

[Binary Infos]
BinaryFormat=IEEE_FLOAT_32

[Channel Infos]
; Each entry: Ch<Channel number>=<Name>,<Reference channel name>,
; <Resolution in "Unit">,<Unit>, Future extensions..
; Fields are delimited by commas, some fields might be omitted (empty).
; Commas in channel names are coded as "\1".
Ch1=CZ,,0.1,µV
Ch2=2,,0.1,µV
Ch3=3,,0.1,µV
Ch4=4,,0.1,µV
Ch5=5,,0.1,µV
Ch6=6,,0.1,µV
Ch7=7,,0.1,µV
Ch8=8,,0.1,µV
Ch9=9,,0.1,µV
Ch10=10,,0.1,µV
Ch11=11,,0.1,µV
Ch12=12,,0.1,µV
Ch13=13,,0.1,µV
Ch14=14,,0.1,µV
Ch15=15,,0.1,µV
Ch16=16,,0.1,µV
Ch17=17,,0.1,µV
Ch18=18,,0.1,µV
Ch19=19,,0.1,µV
Ch20=20,,0.1,µV
Ch21=21,,0.1,µV
Ch22=22,,0.1,µV
Ch23=23,,0.1,µV
Ch24=24,,0.1,µV
Ch25=25,,0.1,µV
Ch26=26,,0.1,µV
Ch27=27,,0.1,µV
Ch28=28,,0.1,µV
Ch29=29,,0.1,µV
Ch30=30,,0.1,µV
Ch31=31,,0.1,µV
Ch32=32,,0.1,µV
Ch33=Battery,,0.1,n/a

[Comment]

